PATH
  remote: /Users/ikatz/Development/non-wayfair/arduino_ci
  specs:
    arduino_ci (0.1.12)
      os (~> 1.0)
      rubyzip (~> 1.2)

GEM
  remote: https://rubygems.org/
  specs:
    os (1.0.0)
    rubyzip (1.2.2)

PLATFORMS
  ruby

DEPENDENCIES
  arduino_ci!

BUNDLED WITH
   1.16.0
